{
  "Modality": "MR",
  "MagneticFieldStrength": 3,
  "Manufacturer": "Siemens",
  "ManufacturersModelName": "TrioTim",
  "InstitutionName": "Functional_Imaging_Laboratory",
  "InstitutionalDepartmentName": "Department",
  "InstitutionAddress": "Queen_Square_12_London_Southeast_GB_WC1N_3BG",
  "DeviceSerialNumber": "35437",
  "StationName": "MRC35437",
  "SeriesInstanceUID": "1.3.12.2.1107.5.2.32.35437.2016060309145353769511874.0.0.0",
  "StudyInstanceUID": "1.3.12.2.1107.5.2.32.35437.30000016060307564301900000004",
  "StudyID": "1",
  "PatientName": "MQ03650",
  "PatientID": "MQ03650",
  "PatientSex": "",
  "PatientPosition": "HFS",
  "ProcedureStepDescription": "FIL_Johan_Carlin",
  "SoftwareVersions": "syngo_MR_B17",
  "MRAcquisitionType": "2D",
  "SeriesDescription": "gre_field_mapping_1acq_rl",
  "ProtocolName": "gre_field_mapping_1acq_rl",
  "ScanningSequence": "GR",
  "SequenceVariant": "SP",
  "SequenceName": "_fm2d2r",
  "ImageType": [
    "ORIGINAL",
    "PRIMARY",
    "M",
    "ND"
  ],
  "SeriesNumber": 3,
  "AcquisitionTime": "09:15:6.737500",
  "AcquisitionDateTime": "2016-06-03T09:15:6.737500",
  "AcquisitionNumber": 1,
  "SliceThickness": 2,
  "SpacingBetweenSlices": 3,
  "SAR": 0.258795,
  "EchoTime": 0.01,
  "RepetitionTime": 1.02,
  "FlipAngle": 90,
  "PartialFourier": 1,
  "BaseResolution": 64,
  "ShimSetting": [
    16,
    -3940,
    261,
    763,
    -76,
    -104,
    108,
    123
  ],
  "TxRefAmp": 322.673,
  "PhaseResolution": 1,
  "ReceiveCoilName": "32Ch_Head",
  "PulseSequenceDetails": "%SiemensSeq%_gre_field_mapping",
  "PercentPhaseFOV": 100,
  "PhaseEncodingSteps": 64,
  "AcquisitionMatrixPE": 64,
  "ReconMatrixPE": 64,
  "PixelBandwidth": 260,
  "DwellTime": 3e-05,
  "PhaseEncodingDirection": "i",
  "ImageOrientationPatientDICOM": [
    1,
    -2.05103e-10,
    0,
    2.05103e-10,
    1,
    0
  ],
  "InPlanePhaseEncodingDirectionDICOM": "ROW",
  "ConversionSoftware": "dcm2niix",
  "ConversionSoftwareVersion": "v1.0.20180622 (JP2:OpenJPEG) GCC6.1.0",
  "IntendedFor": [
    "func/sub-24_task-exemplarLocaliser_bold.nii.gz",
    "func/sub-24_task-memsamp_run-01_bold.nii.gz",
    "func/sub-24_task-memsamp_run-02_bold.nii.gz",
    "func/sub-24_task-memsamp_run-03_bold.nii.gz",
    "func/sub-24_task-motionLocaliser_bold.nii.gz"
  ]
}
