{
  "Modality": "MR",
  "MagneticFieldStrength": 3,
  "Manufacturer": "Siemens",
  "ManufacturersModelName": "TrioTim",
  "InstitutionName": "WTCN",
  "InstitutionalDepartmentName": "Department",
  "InstitutionAddress": "Queen_Square_12_London_Southeast_GB_WC1N_3BG",
  "DeviceSerialNumber": "35437",
  "StationName": "MRC35437",
  "SeriesInstanceUID": "1.3.12.2.1107.5.2.32.35437.2016092112342647125605374.0.0.0",
  "StudyInstanceUID": "1.3.12.2.1107.5.2.32.35437.30000016092109005445600000004",
  "StudyID": "1",
  "PatientName": "MQ03786",
  "PatientID": "MQ03786",
  "PatientSex": "",
  "PatientPosition": "HFS",
  "ProcedureStepDescription": "FIL_Johan_Carlin",
  "SoftwareVersions": "syngo_MR_B17",
  "MRAcquisitionType": "3D",
  "SeriesDescription": "BasicT1_NoVBM_nw_mtflash3d_v3h",
  "ProtocolName": "BasicT1_NoVBM_nw_mtflash3d_v3h",
  "ScanningSequence": "RM",
  "SequenceVariant": "SP",
  "ScanOptions": "PFP",
  "SequenceName": "fl3d_3h3d1",
  "ImageType": [
    "ORIGINAL",
    "PRIMARY",
    "M",
    "ND"
  ],
  "SeriesNumber": 10,
  "AcquisitionTime": "12:34:28.145000",
  "AcquisitionDateTime": "2016-09-21T12:34:28.145000",
  "AcquisitionNumber": 1,
  "SliceThickness": 1,
  "SAR": 0.226059,
  "EchoTime": 0.0022,
  "RepetitionTime": 2,
  "FlipAngle": 13,
  "PartialFourier": 0.75,
  "BaseResolution": 256,
  "ShimSetting": [
    107,
    -3908,
    268,
    275,
    55,
    47,
    -43,
    127
  ],
  "TxRefAmp": 308.027,
  "PhaseResolution": 1,
  "ReceiveCoilName": "32Ch_Head",
  "PulseSequenceDetails": "%CustomerSeq%_nw_mtflash3d_v3h",
  "PercentPhaseFOV": 93.75,
  "PhaseEncodingSteps": 180,
  "AcquisitionMatrixPE": 240,
  "ReconMatrixPE": 256,
  "PixelBandwidth": 488,
  "DwellTime": 4e-06,
  "ImageOrientationPatientDICOM": [
    0,
    0.866025,
    -0.5,
    0,
    -0.5,
    -0.866025
  ],
  "InPlanePhaseEncodingDirectionDICOM": "ROW",
  "ConversionSoftware": "dcm2niix",
  "ConversionSoftwareVersion": "v1.0.20180622 (JP2:OpenJPEG) GCC6.1.0"
}
