{
  "Modality": "MR",
  "MagneticFieldStrength": 3,
  "Manufacturer": "Siemens",
  "ManufacturersModelName": "TrioTim",
  "InstitutionName": "Functional_Imaging_Laboratory",
  "InstitutionalDepartmentName": "Department",
  "InstitutionAddress": "Queen_Square_12_London_Southeast_GB_WC1N_3BG",
  "DeviceSerialNumber": "35437",
  "StationName": "MRC35437",
  "SeriesInstanceUID": "1.3.12.2.1107.5.2.32.35437.2016060309493289327176333.0.0.0",
  "StudyInstanceUID": "1.3.12.2.1107.5.2.32.35437.30000016060307564301900000004",
  "StudyID": "1",
  "PatientName": "MQ03650",
  "PatientID": "MQ03650",
  "PatientSex": "",
  "PatientPosition": "HFS",
  "ProcedureStepDescription": "FIL_Johan_Carlin",
  "SoftwareVersions": "syngo_MR_B17",
  "MRAcquisitionType": "2D",
  "SeriesDescription": "al_mepi2d_3mm_v1a_standard",
  "ProtocolName": "al_mepi2d_3mm_v1a_standard",
  "ScanningSequence": "RM",
  "SequenceVariant": "SP_OSP",
  "ScanOptions": "FS",
  "SequenceName": "alepi2d2d1",
  "ImageType": [
    "ORIGINAL",
    "PRIMARY",
    "M",
    "ND",
    "MOSAIC"
  ],
  "SeriesNumber": 7,
  "AcquisitionTime": "09:51:32.672500",
  "AcquisitionDateTime": "2016-06-03T09:51:32.672500",
  "AcquisitionNumber": 1,
  "SliceThickness": 2.5,
  "SpacingBetweenSlices": 3,
  "SAR": 0.129423,
  "EchoTime": 0.03,
  "RepetitionTime": 2.8,
  "FlipAngle": 90,
  "PartialFourier": 1,
  "BaseResolution": 64,
  "ShimSetting": [
    16,
    -3940,
    261,
    763,
    -76,
    -104,
    108,
    123
  ],
  "TxRefAmp": 322.673,
  "PhaseResolution": 1,
  "PhaseOversampling": 0.13,
  "ReceiveCoilName": "32Ch_Head",
  "PulseSequenceDetails": "%CustomerSeq%_al_mepi2d_3mm_v1a",
  "PercentPhaseFOV": 100,
  "PhaseEncodingSteps": 74,
  "AcquisitionMatrixPE": 64,
  "ReconMatrixPE": 64,
  "PixelBandwidth": 2298,
  "DwellTime": 3.4e-06,
  "PhaseEncodingDirection": "j-",
  "SliceTiming": [
    0,
    0.07,
    0.14,
    0.2125,
    0.2825,
    0.3525,
    0.4225,
    0.4925,
    0.5625,
    0.6325,
    0.7025,
    0.7725,
    0.845,
    0.915,
    0.985,
    1.055,
    1.125,
    1.195,
    1.265,
    1.335,
    1.405,
    1.4775,
    1.5475,
    1.6175,
    1.6875,
    1.7575,
    1.8275,
    1.8975,
    1.9675,
    2.0375,
    2.11,
    2.18,
    2.25,
    2.32,
    2.39,
    2.46,
    2.53,
    2.6,
    2.67,
    2.7425
  ],
  "ImageOrientationPatientDICOM": [
    1,
    0,
    0,
    0,
    0.898794,
    -0.438371
  ],
  "InPlanePhaseEncodingDirectionDICOM": "COL",
  "ConversionSoftware": "dcm2niix",
  "ConversionSoftwareVersion": "v1.0.20180622 (JP2:OpenJPEG) GCC6.1.0",
  "TaskName": "memsamp",
  "EffectiveEchoSpacing": 6.009615385e-05
}
