{
  "Modality": "MR",
  "MagneticFieldStrength": 3,
  "Manufacturer": "Siemens",
  "ManufacturersModelName": "TrioTim",
  "InstitutionName": "Functional_Imaging_Laboratory",
  "InstitutionalDepartmentName": "Department",
  "InstitutionAddress": "Queen_Square_12_London_Southeast_GB_WC1N_3BG",
  "DeviceSerialNumber": "35437",
  "StationName": "MRC35437",
  "SeriesInstanceUID": "1.3.12.2.1107.5.2.32.35437.2016061015504171000776220.0.0.0",
  "StudyInstanceUID": "1.3.12.2.1107.5.2.32.35437.30000016061012552973700000004",
  "StudyID": "1",
  "PatientName": "MQ03658",
  "PatientID": "MQ03658",
  "PatientSex": "",
  "PatientPosition": "HFS",
  "ProcedureStepDescription": "FIL_Johan_Carlin",
  "SoftwareVersions": "syngo_MR_B17",
  "MRAcquisitionType": "3D",
  "SeriesDescription": "BasicT1_NoVBM_nw_mtflash3d_v3h",
  "ProtocolName": "BasicT1_NoVBM_nw_mtflash3d_v3h",
  "ScanningSequence": "RM",
  "SequenceVariant": "SP",
  "ScanOptions": "PFP",
  "SequenceName": "fl3d_3h3d1",
  "ImageType": [
    "ORIGINAL",
    "PRIMARY",
    "M",
    "ND"
  ],
  "SeriesNumber": 10,
  "AcquisitionTime": "15:50:43.727500",
  "AcquisitionDateTime": "2016-06-10T15:50:43.727500",
  "AcquisitionNumber": 1,
  "SliceThickness": 1,
  "SAR": 0.22308,
  "EchoTime": 0.0022,
  "RepetitionTime": 2,
  "FlipAngle": 13,
  "PartialFourier": 0.75,
  "BaseResolution": 256,
  "ShimSetting": [
    70,
    -4034,
    346,
    539,
    102,
    53,
    238,
    85
  ],
  "TxRefAmp": 299.036,
  "PhaseResolution": 1,
  "ReceiveCoilName": "32Ch_Head",
  "PulseSequenceDetails": "%CustomerSeq%_nw_mtflash3d_v3h",
  "PercentPhaseFOV": 93.75,
  "PhaseEncodingSteps": 180,
  "AcquisitionMatrixPE": 240,
  "ReconMatrixPE": 256,
  "PixelBandwidth": 488,
  "DwellTime": 4e-06,
  "ImageOrientationPatientDICOM": [
    0,
    0.866025,
    -0.5,
    0,
    -0.5,
    -0.866025
  ],
  "InPlanePhaseEncodingDirectionDICOM": "ROW",
  "ConversionSoftware": "dcm2niix",
  "ConversionSoftwareVersion": "v1.0.20180622 (JP2:OpenJPEG) GCC6.1.0"
}
