{
  "Modality": "MR",
  "MagneticFieldStrength": 3,
  "Manufacturer": "Siemens",
  "ManufacturersModelName": "TrioTim",
  "InstitutionName": "WTCN",
  "InstitutionalDepartmentName": "Department",
  "InstitutionAddress": "Queen_Square_12_London_Southeast_GB_WC1N_3BG",
  "DeviceSerialNumber": "35437",
  "StationName": "MRC35437",
  "SeriesInstanceUID": "1.3.12.2.1107.5.2.32.35437.2016051910414227005403560.0.0.0",
  "StudyInstanceUID": "1.3.12.2.1107.5.2.32.35437.30000016051908360315300000007",
  "StudyID": "1",
  "PatientName": "MQ03623",
  "PatientID": "MQ03623",
  "PatientSex": "",
  "PatientPosition": "HFS",
  "ProcedureStepDescription": "FIL_Johan_Carlin",
  "SoftwareVersions": "syngo_MR_B17",
  "MRAcquisitionType": "3D",
  "SeriesDescription": "BasicT1_NoVBM_nw_mtflash3d_v3h",
  "ProtocolName": "BasicT1_NoVBM_nw_mtflash3d_v3h",
  "ScanningSequence": "RM",
  "SequenceVariant": "SP",
  "ScanOptions": "PFP",
  "SequenceName": "fl3d_3h3d1",
  "ImageType": [
    "ORIGINAL",
    "PRIMARY",
    "M",
    "ND"
  ],
  "SeriesNumber": 2,
  "AcquisitionTime": "10:41:44.142500",
  "AcquisitionDateTime": "2016-05-19T10:41:44.142500",
  "AcquisitionNumber": 1,
  "SliceThickness": 1,
  "SAR": 0.208302,
  "EchoTime": 0.0022,
  "RepetitionTime": 2,
  "FlipAngle": 13,
  "PartialFourier": 0.75,
  "BaseResolution": 256,
  "ShimSetting": [
    22,
    -3973,
    322,
    395,
    70,
    176,
    268,
    171
  ],
  "TxRefAmp": 289.878,
  "PhaseResolution": 1,
  "ReceiveCoilName": "32Ch_Head",
  "PulseSequenceDetails": "%CustomerSeq%_nw_mtflash3d_v3h",
  "PercentPhaseFOV": 93.75,
  "PhaseEncodingSteps": 180,
  "AcquisitionMatrixPE": 240,
  "ReconMatrixPE": 256,
  "PixelBandwidth": 488,
  "DwellTime": 4e-06,
  "ImageOrientationPatientDICOM": [
    -0.00872618,
    0.866025,
    -0.499924,
    -0.0151142,
    -0.5,
    -0.865893
  ],
  "InPlanePhaseEncodingDirectionDICOM": "ROW",
  "ConversionSoftware": "dcm2niix",
  "ConversionSoftwareVersion": "v1.0.20180622 (JP2:OpenJPEG) GCC6.1.0"
}
