{
  "Modality": "MR",
  "MagneticFieldStrength": 3,
  "Manufacturer": "Siemens",
  "ManufacturersModelName": "TrioTim",
  "InstitutionName": "FIL",
  "InstitutionalDepartmentName": "Department",
  "InstitutionAddress": "Queen_Square_12_London_Southeast_GB_WC1N_3BG",
  "DeviceSerialNumber": "35437",
  "StationName": "MRC35437",
  "SeriesInstanceUID": "1.3.12.2.1107.5.2.32.35437.2016080910580642836009460.0.0.0",
  "StudyInstanceUID": "1.3.12.2.1107.5.2.32.35437.30000016080907501372400000004",
  "StudyID": "1",
  "PatientName": "MQ03734",
  "PatientID": "MQ03734",
  "PatientSex": "",
  "PatientPosition": "HFS",
  "ProcedureStepDescription": "FIL_Johan_Carlin",
  "SoftwareVersions": "syngo_MR_B17",
  "MRAcquisitionType": "2D",
  "SeriesDescription": "al_mepi2d_3mm_v1a_standard",
  "ProtocolName": "al_mepi2d_3mm_v1a_standard",
  "ScanningSequence": "RM",
  "SequenceVariant": "SP_OSP",
  "ScanOptions": "FS",
  "SequenceName": "alepi2d2d1",
  "ImageType": [
    "ORIGINAL",
    "PRIMARY",
    "M",
    "ND",
    "MOSAIC"
  ],
  "SeriesNumber": 7,
  "AcquisitionTime": "11:00:0.220000",
  "AcquisitionDateTime": "2016-08-09T11:00:0.220000",
  "AcquisitionNumber": 1,
  "SliceThickness": 2.5,
  "SpacingBetweenSlices": 3,
  "SAR": 0.176473,
  "EchoTime": 0.03,
  "RepetitionTime": 2.8,
  "FlipAngle": 90,
  "PartialFourier": 1,
  "BaseResolution": 64,
  "ShimSetting": [
    20,
    -3886,
    261,
    562,
    -52,
    114,
    -203,
    137
  ],
  "TxRefAmp": 310.143,
  "PhaseResolution": 1,
  "PhaseOversampling": 0.13,
  "ReceiveCoilName": "32Ch_Head",
  "PulseSequenceDetails": "%CustomerSeq%_al_mepi2d_3mm_v1a",
  "PercentPhaseFOV": 100,
  "PhaseEncodingSteps": 74,
  "AcquisitionMatrixPE": 64,
  "ReconMatrixPE": 64,
  "PixelBandwidth": 2298,
  "DwellTime": 3.4e-06,
  "PhaseEncodingDirection": "j-",
  "SliceTiming": [
    0,
    0.07,
    0.14,
    0.21,
    0.28,
    0.3525,
    0.4225,
    0.4925,
    0.5625,
    0.6325,
    0.7025,
    0.7725,
    0.8425,
    0.9125,
    0.985,
    1.055,
    1.125,
    1.195,
    1.265,
    1.335,
    1.405,
    1.475,
    1.545,
    1.6175,
    1.6875,
    1.7575,
    1.8275,
    1.8975,
    1.9675,
    2.0375,
    2.1075,
    2.1775,
    2.25,
    2.32,
    2.39,
    2.46,
    2.53,
    2.6,
    2.67,
    2.74
  ],
  "ImageOrientationPatientDICOM": [
    1,
    0,
    0,
    0,
    0.866025,
    -0.5
  ],
  "InPlanePhaseEncodingDirectionDICOM": "COL",
  "ConversionSoftware": "dcm2niix",
  "ConversionSoftwareVersion": "v1.0.20180622 (JP2:OpenJPEG) GCC6.1.0",
  "TaskName": "memsamp",
  "EffectiveEchoSpacing": 6.009615385e-05
}
