{
  "Modality": "MR",
  "MagneticFieldStrength": 3,
  "Manufacturer": "Siemens",
  "ManufacturersModelName": "TrioTim",
  "InstitutionName": "WTCN",
  "InstitutionalDepartmentName": "Department",
  "InstitutionAddress": "Queen_Square_12_London_Southeast_GB_WC1N_3BG",
  "DeviceSerialNumber": "35437",
  "StationName": "MRC35437",
  "SeriesInstanceUID": "1.3.12.2.1107.5.2.32.35437.201609191516392458136893.0.0.0",
  "StudyInstanceUID": "1.3.12.2.1107.5.2.32.35437.30000016091907534114000000010",
  "StudyID": "1",
  "PatientName": "MQ03784",
  "PatientID": "MQ03784",
  "PatientSex": "",
  "PatientPosition": "HFS",
  "ProcedureStepDescription": "FIL_Johan_Carlin",
  "SoftwareVersions": "syngo_MR_B17",
  "MRAcquisitionType": "2D",
  "SeriesDescription": "al_mepi2d_3mm_v1a_standard",
  "ProtocolName": "al_mepi2d_3mm_v1a_standard",
  "ScanningSequence": "RM",
  "SequenceVariant": "SP_OSP",
  "ScanOptions": "FS",
  "SequenceName": "alepi2d2d1",
  "ImageType": [
    "ORIGINAL",
    "PRIMARY",
    "M",
    "ND",
    "MOSAIC"
  ],
  "SeriesNumber": 9,
  "AcquisitionTime": "15:18:42.010000",
  "AcquisitionDateTime": "2016-09-19T15:18:42.010000",
  "AcquisitionNumber": 1,
  "SliceThickness": 2.5,
  "SpacingBetweenSlices": 3,
  "SAR": 0.160066,
  "EchoTime": 0.03,
  "RepetitionTime": 2.8,
  "FlipAngle": 90,
  "PartialFourier": 1,
  "BaseResolution": 64,
  "ShimSetting": [
    46,
    -3866,
    303,
    446,
    -163,
    94,
    -32,
    46
  ],
  "TxRefAmp": 313.68,
  "PhaseResolution": 1,
  "PhaseOversampling": 0.13,
  "ReceiveCoilName": "32Ch_Head",
  "PulseSequenceDetails": "%CustomerSeq%_al_mepi2d_3mm_v1a",
  "PercentPhaseFOV": 100,
  "PhaseEncodingSteps": 74,
  "AcquisitionMatrixPE": 64,
  "ReconMatrixPE": 64,
  "PixelBandwidth": 2298,
  "DwellTime": 3.4e-06,
  "PhaseEncodingDirection": "j-",
  "SliceTiming": [
    0,
    0.0725,
    0.1425,
    0.2125,
    0.2825,
    0.3525,
    0.4225,
    0.4925,
    0.5625,
    0.6325,
    0.705,
    0.775,
    0.845,
    0.915,
    0.985,
    1.055,
    1.125,
    1.195,
    1.265,
    1.3375,
    1.4075,
    1.4775,
    1.5475,
    1.6175,
    1.6875,
    1.7575,
    1.8275,
    1.9,
    1.97,
    2.04,
    2.11,
    2.18,
    2.25,
    2.32,
    2.39,
    2.46,
    2.5325,
    2.6025,
    2.6725,
    2.7425
  ],
  "ImageOrientationPatientDICOM": [
    1,
    0,
    0,
    0,
    0.866025,
    -0.5
  ],
  "InPlanePhaseEncodingDirectionDICOM": "COL",
  "ConversionSoftware": "dcm2niix",
  "ConversionSoftwareVersion": "v1.0.20180622 (JP2:OpenJPEG) GCC6.1.0",
  "TaskName": "motionLocaliser",
  "EffectiveEchoSpacing": 6.009615385e-05
}
